GEM
  remote: http://rubygems.org/
  specs:
    activesupport (3.0.7)
    addressable (2.2.6)
    crack (0.1.8)
    eventmachine (0.12.10)
    faraday (0.5.7)
      addressable (~> 2.2.4)
      multipart-post (~> 1.1.0)
      rack (< 2, >= 1.1.0)
    httparty (0.7.8)
      crack (= 0.1.8)
    json (1.5.1)
    mime-types (1.16)
    multipart-post (1.1.2)
    rack (1.3.0)
    rack-test (0.5.7)
      rack (>= 1.0)
    simple_oauth (0.1.5)
    sinatra (1.2.6)
      rack (~> 1.1)
      tilt (< 2.0, >= 1.2.2)
    sinatra-config (0.1.0)
      sinatra (>= 1.0)
    tilt (1.3.2)
    tinder (1.4.4)
      activesupport
      eventmachine
      faraday (~> 0.5.1)
      mime-types
      multipart-post
      twitter-stream
    twitter-stream (0.1.13)
      eventmachine (~> 0.12.8)
      simple_oauth (~> 0.1.4)

PLATFORMS
  ruby

DEPENDENCIES
  httparty
  json
  rack-test
  sinatra
  sinatra-config
  tinder
